PATH
  remote: .
  specs:
    media (0.0.1)
      dalli
      ku-ldap
      nokogiri
      pg
      pony
      queue_classic
      sequel

GEM
  remote: http://rubygems.org/
  specs:
    dalli (2.2.1)
    i18n (0.6.1)
    ku-ldap (0.0.1)
      net-ldap
    mail (2.4.4)
      i18n (>= 0.4.0)
      mime-types (~> 1.16)
      treetop (~> 1.4.8)
    mime-types (1.19)
    minitest (4.1.0)
    net-ldap (0.4.0)
    nokogiri (1.5.5)
    pg (0.14.1)
    polyglot (0.3.3)
    pony (1.4)
      mail (> 2.0)
    queue_classic (2.0.1)
      pg (~> 0.14.0)
      scrolls (~> 0.2.1)
    rake (0.9.2.2)
    scrolls (0.2.3)
    sequel (3.40.0)
    treetop (1.4.11)
      polyglot
      polyglot (>= 0.3.1)

PLATFORMS
  ruby

DEPENDENCIES
  media!
  minitest
  rake
